GEM
  remote: https://rubygems.org/
  specs:
    bubble-wrap (1.5.0)
    formotion (1.3.1)
      bubble-wrap (>= 1.1.4)
      motion-require (~> 0.0.3)
    motion-require (0.0.7)
    rake (10.3.1)

PLATFORMS
  ruby

DEPENDENCIES
  formotion
  rake
